GIT
  remote: git@github.com:nedforce/devcms-core.git
  revision: ace3ad82d461f1750634f6b3239af32bc28bf593
  branch: master
  specs:
    devcms_core (0.0.1)
      acts-as-taggable-on (~> 2.2.2)
      acts_as_ferret (~> 0.5.4)
      addressable (~> 2.1)
      ancestry (~> 1.3.0)
      aspgems-foreign_key_migrations (~> 2.0.0.beta1)
      aspgems-redhillonrails_core (~> 2.0.0.beta1)
      bartt-ssl_requirement (~> 1.4.0)
      calendar_date_select
      carrierwave
      coffee-rails
      dsl_accessor (= 0.3.3)
      dynamic_attributes (~> 1.2.0)
      exception_notification
      faker (~> 1.0.1)
      feed-normalizer (~> 1.5.2)
      geokit-rails
      haml (~> 3.0)
      kaminari
      libxml-ruby (~> 2.2.0)
      pg
      prototype-rails (~> 3.2.1)
      prototype_legacy_helper (= 0.0.0)
      rack-rewrite (~> 1.2.1)
      rails (>= 3.2.3, < 4.0.0)
      rmagick (>= 2.13.1)
      roo (~> 1.10.1)
      sanitize
      sass-rails
      settler (~> 1.2.3)
      sortifiable
      spreadsheet (~> 0.7.3)
      tidy_ffi (~> 0.1.4)
      truncate_html (~> 0.5.5)
      uglifier
      whenever (>= 0.4)

GIT
  remote: http://github.com/willbryant/prototype_legacy_helper.git
  revision: fc4fbb8792e7bb511ca8327774bbf4f6a3ec7434
  specs:
    prototype_legacy_helper (0.0.0)

GIT
  remote: https://github.com/emyl/calendar_date_select.git
  revision: 56aec17d5f2c78e716474d8c60cc2e9919b3bc01
  branch: rails3_1
  specs:
    calendar_date_select (1.16.3)

PATH
  remote: .
  specs:
    devcms_geo (0.0.1)
      devcms_core
      geokit
      geokit-rails
      ym4r_gm

GEM
  remote: https://rubygems.org/
  remote: http://gems.github.com/
  specs:
    actionmailer (3.2.12)
      actionpack (= 3.2.12)
      mail (~> 2.4.4)
    actionpack (3.2.12)
      activemodel (= 3.2.12)
      activesupport (= 3.2.12)
      builder (~> 3.0.0)
      erubis (~> 2.7.0)
      journey (~> 1.0.4)
      rack (~> 1.4.5)
      rack-cache (~> 1.2)
      rack-test (~> 0.6.1)
      sprockets (~> 2.2.1)
    activemodel (3.2.12)
      activesupport (= 3.2.12)
      builder (~> 3.0.0)
    activerecord (3.2.12)
      activemodel (= 3.2.12)
      activesupport (= 3.2.12)
      arel (~> 3.0.2)
      tzinfo (~> 0.3.29)
    activeresource (3.2.12)
      activemodel (= 3.2.12)
      activesupport (= 3.2.12)
    activesupport (3.2.12)
      i18n (~> 0.6)
      multi_json (~> 1.0)
    acts-as-taggable-on (2.2.2)
      rails (~> 3.0)
    acts_as_ferret (0.5.4)
      ferret (>= 0.11.8)
      rails (>= 3.0)
    addressable (2.3.3)
    ancestry (1.3.0)
      activerecord (>= 2.3.14)
    ansi (1.4.3)
    arel (3.0.2)
    aspgems-foreign_key_migrations (2.0.0.beta2)
      aspgems-redhillonrails_core (~> 2.0.0.beta4)
    aspgems-redhillonrails_core (2.0.0.beta4)
      activerecord (>= 2)
      activesupport (>= 2)
    bartt-ssl_requirement (1.4.2)
    builder (3.0.4)
    carrierwave (0.8.0)
      activemodel (>= 3.2.0)
      activesupport (>= 3.2.0)
    chronic (0.9.1)
    coffee-rails (3.2.2)
      coffee-script (>= 2.2.0)
      railties (~> 3.2.0)
    coffee-script (2.2.0)
      coffee-script-source
      execjs
    coffee-script-source (1.5.0)
    columnize (0.3.6)
    debugger (1.3.3)
      columnize (>= 0.3.1)
      debugger-linecache (~> 1.1.1)
      debugger-ruby_core_source (~> 1.2.0)
    debugger-linecache (1.1.2)
      debugger-ruby_core_source (>= 1.1.1)
    debugger-ruby_core_source (1.2.0)
    dsl_accessor (0.3.3)
    dynamic_attributes (1.2.0)
    erubis (2.7.0)
    exception_notification (3.0.1)
      actionmailer (>= 3.0.4)
    execjs (1.4.0)
      multi_json (~> 1.0)
    faker (1.0.1)
      i18n (~> 0.4)
    feed-normalizer (1.5.2)
      hpricot (>= 0.6)
      simple-rss (>= 1.1)
    ferret (0.11.8.5)
    ffi (1.2.1)
    geokit (1.5.0)
    geokit-rails (1.1.4)
      geokit (>= 1.5.0)
    haml (3.1.8)
    hike (1.2.1)
    hpricot (0.8.6)
    i18n (0.6.2)
    jakewendt-html_test (0.2.3)
    journey (1.0.4)
    json (1.7.7)
    kaminari (0.14.1)
      actionpack (>= 3.0.0)
      activesupport (>= 3.0.0)
    libxml-ruby (2.2.2)
    mail (2.4.4)
      i18n (>= 0.4.0)
      mime-types (~> 1.16)
      treetop (~> 1.4.8)
    metaclass (0.0.1)
    mime-types (1.21)
    mocha (0.13.2)
      metaclass (~> 0.0.1)
    multi_json (1.6.1)
    nokogiri (1.5.6)
    pg (0.14.1)
    polyglot (0.3.3)
    prototype-rails (3.2.1)
      rails (~> 3.2)
    rack (1.4.5)
    rack-cache (1.2)
      rack (>= 0.4)
    rack-rewrite (1.2.1)
    rack-ssl (1.3.3)
      rack
    rack-test (0.6.2)
      rack (>= 1.0)
    rails (3.2.12)
      actionmailer (= 3.2.12)
      actionpack (= 3.2.12)
      activerecord (= 3.2.12)
      activeresource (= 3.2.12)
      activesupport (= 3.2.12)
      bundler (~> 1.0)
      railties (= 3.2.12)
    railties (3.2.12)
      actionpack (= 3.2.12)
      activesupport (= 3.2.12)
      rack-ssl (~> 1.3.2)
      rake (>= 0.8.7)
      rdoc (~> 3.4)
      thor (>= 0.14.6, < 2.0)
    rake (10.0.3)
    rdoc (3.12.2)
      json (~> 1.4)
    rmagick (2.13.2)
    roo (1.10.2)
      nokogiri (>= 1.5.6)
      rubyzip (>= 0.9.9)
      spreadsheet (> 0.6.4)
    rsolr (0.12.1)
      builder (>= 2.1.2)
    ruby-ole (1.2.11.6)
    rubyzip (0.9.9)
    sanitize (2.0.3)
      nokogiri (>= 1.4.4, < 1.6)
    sass (3.2.6)
    sass-rails (3.2.6)
      railties (~> 3.2.0)
      sass (>= 3.1.10)
      tilt (~> 1.3)
    settler (1.2.4)
      rails
    simple-rss (1.2.3)
    sortifiable (0.2.7)
      activerecord (>= 3.0)
      activesupport (>= 3.0)
    spreadsheet (0.7.9)
      ruby-ole (>= 1.0)
    sprockets (2.2.2)
      hike (~> 1.2)
      multi_json (~> 1.0)
      rack (~> 1.0)
      tilt (~> 1.1, != 1.3.0)
    thor (0.17.0)
    tidy_ffi (0.1.5)
      ffi (~> 1.2.0)
    tilt (1.3.3)
    treetop (1.4.12)
      polyglot
      polyglot (>= 0.3.1)
    truncate_html (0.5.5)
    turn (0.9.6)
      ansi
    tzinfo (0.3.35)
    uglifier (1.3.0)
      execjs (>= 0.3.0)
      multi_json (~> 1.0, >= 1.0.2)
    whenever (0.8.2)
      activesupport (>= 2.3.4)
      chronic (>= 0.6.3)
    ym4r (0.6.1)
    ym4r_gm (0.2.0)
      ym4r

PLATFORMS
  ruby

DEPENDENCIES
  calendar_date_select!
  debugger
  devcms_core!
  devcms_geo!
  geokit (~> 1.5.0)
  geokit-rails
  jakewendt-html_test (~> 0.2.3)
  mocha
  prototype_legacy_helper (= 0.0.0)!
  rsolr (~> 0.12.1)
  turn
  ym4r_gm
