GIT
  remote: git@git.nedforce.nl:data_checker.git
  revision: ff2b570d9f540042e3ca49fcc0a0ec014f268f8d
  branch: master
  specs:
    data_checker (0.0.1)
      nokogiri
      rails (~> 3.2.13)

GIT
  remote: git@github.com:nedforce/devcms-core.git
  revision: a00531b631ebd205b82336ea6095182b3bf06158
  branch: master
  specs:
    devcms_core (0.0.1)
      acts-as-taggable-on (~> 2.4.0)
      acts_as_ferret (~> 0.5.4)
      addressable (~> 2.1)
      airbrake
      ancestry (~> 1.3.0)
      aspgems-foreign_key_migrations (~> 2.0.0.beta1)
      aspgems-redhillonrails_core (~> 2.0.0.beta1)
      bartt-ssl_requirement (~> 1.4.0)
      calendar_date_select
      carrierwave
      coffee-rails (~> 3.0)
      coffee-script-source (~> 1.5.0)
      data_checker
      dsl_accessor (= 0.3.3)
      dynamic_attributes (~> 1.2.0)
      faker (~> 1.0.1)
      feed-normalizer (~> 1.5.2)
      geokit-rails
      haml (~> 4.0)
      jquery-ui-sass-rails (~> 4.0.3)
      kaminari
      libxml-ruby (~> 2.7.0)
      pg
      prototype-rails (~> 3.2.1)
      rack-rewrite (~> 1.2.1)
      rails (>= 3.2.3, < 4.0.0)
      rmagick (>= 2.13.1)
      roo (~> 1.10.1)
      rubyzip (= 0.9.9)
      sanitize
      sass-rails (~> 3.0)
      settler (~> 1.2.3)
      sortifiable
      tidy_ffi (~> 0.1.4)
      truncate_html (~> 0.5.5)
      uglifier (~> 1.0)
      whenever (>= 0.4)

PATH
  remote: .
  specs:
    devcms_geo (0.0.1)
      devcms_core
      geokit (~> 1.6.7)
      geokit-rails

GEM
  remote: https://rubygems.org/
  remote: http://gems.github.com/
  specs:
    actionmailer (3.2.16)
      actionpack (= 3.2.16)
      mail (~> 2.5.4)
    actionpack (3.2.16)
      activemodel (= 3.2.16)
      activesupport (= 3.2.16)
      builder (~> 3.0.0)
      erubis (~> 2.7.0)
      journey (~> 1.0.4)
      rack (~> 1.4.5)
      rack-cache (~> 1.2)
      rack-test (~> 0.6.1)
      sprockets (~> 2.2.1)
    activemodel (3.2.16)
      activesupport (= 3.2.16)
      builder (~> 3.0.0)
    activerecord (3.2.16)
      activemodel (= 3.2.16)
      activesupport (= 3.2.16)
      arel (~> 3.0.2)
      tzinfo (~> 0.3.29)
    activeresource (3.2.16)
      activemodel (= 3.2.16)
      activesupport (= 3.2.16)
    activesupport (3.2.16)
      i18n (~> 0.6, >= 0.6.4)
      multi_json (~> 1.0)
    acts-as-taggable-on (2.4.1)
      rails (>= 3, < 5)
    acts_as_ferret (0.5.4)
      ferret (>= 0.11.8)
      rails (>= 3.0)
    addressable (2.3.5)
    airbrake (3.1.14)
      builder
      json
    ancestry (1.3.0)
      activerecord (>= 2.3.14)
    ansi (1.4.3)
    arel (3.0.3)
    aspgems-foreign_key_migrations (2.0.0.beta2)
      aspgems-redhillonrails_core (~> 2.0.0.beta4)
    aspgems-redhillonrails_core (2.0.0.beta4)
      activerecord (>= 2)
      activesupport (>= 2)
    bartt-ssl_requirement (1.4.2)
    builder (3.0.4)
    calendar_date_select (2.0.0)
      rails (>= 3.1)
    carrierwave (0.9.0)
      activemodel (>= 3.2.0)
      activesupport (>= 3.2.0)
      json (>= 1.7)
    chronic (0.10.2)
    coffee-rails (3.2.2)
      coffee-script (>= 2.2.0)
      railties (~> 3.2.0)
    coffee-script (2.2.0)
      coffee-script-source
      execjs
    coffee-script-source (1.5.0)
    columnize (0.3.6)
    debugger (1.6.5)
      columnize (>= 0.3.1)
      debugger-linecache (~> 1.2.0)
      debugger-ruby_core_source (~> 1.3.1)
    debugger-linecache (1.2.0)
    debugger-ruby_core_source (1.3.1)
    dsl_accessor (0.3.3)
    dynamic_attributes (1.2.0)
    erubis (2.7.0)
    execjs (2.0.2)
    faker (1.0.1)
      i18n (~> 0.4)
    feed-normalizer (1.5.2)
      hpricot (>= 0.6)
      simple-rss (>= 1.1)
    ferret (0.11.8.5)
    ffi (1.2.1)
    geokit (1.6.7)
      multi_json (>= 1.3.2)
    geokit-rails (2.0.1)
      geokit (~> 1.5)
      rails (>= 3.0)
    haml (4.0.4)
      tilt
    hike (1.2.3)
    hpricot (0.8.6)
    i18n (0.6.9)
    jakewendt-html_test (0.2.3)
    journey (1.0.4)
    jquery-rails (3.0.4)
      railties (>= 3.0, < 5.0)
      thor (>= 0.14, < 2.0)
    jquery-ui-rails (4.0.3)
      jquery-rails
      railties (>= 3.1.0)
    jquery-ui-sass-rails (4.0.3.0)
      jquery-rails
      jquery-ui-rails (= 4.0.3)
      railties (>= 3.1.0)
    json (1.8.1)
    kaminari (0.15.0)
      actionpack (>= 3.0.0)
      activesupport (>= 3.0.0)
    libxml-ruby (2.7.0)
    mail (2.5.4)
      mime-types (~> 1.16)
      treetop (~> 1.4.8)
    metaclass (0.0.1)
    mime-types (1.25.1)
    mini_portile (0.5.2)
    mocha (0.14.0)
      metaclass (~> 0.0.1)
    multi_json (1.8.2)
    nokogiri (1.6.1)
      mini_portile (~> 0.5.0)
    pg (0.17.1)
    polyglot (0.3.3)
    prototype-rails (3.2.1)
      rails (~> 3.2)
    rack (1.4.5)
    rack-cache (1.2)
      rack (>= 0.4)
    rack-rewrite (1.2.1)
    rack-ssl (1.3.3)
      rack
    rack-test (0.6.2)
      rack (>= 1.0)
    rails (3.2.16)
      actionmailer (= 3.2.16)
      actionpack (= 3.2.16)
      activerecord (= 3.2.16)
      activeresource (= 3.2.16)
      activesupport (= 3.2.16)
      bundler (~> 1.0)
      railties (= 3.2.16)
    railties (3.2.16)
      actionpack (= 3.2.16)
      activesupport (= 3.2.16)
      rack-ssl (~> 1.3.2)
      rake (>= 0.8.7)
      rdoc (~> 3.4)
      thor (>= 0.14.6, < 2.0)
    rake (10.1.1)
    rdoc (3.12.2)
      json (~> 1.4)
    rmagick (2.13.2)
    roo (1.10.3)
      nokogiri (>= 1.5.6)
      rubyzip (>= 0.9.9)
      spreadsheet (> 0.6.4)
    rsolr (0.12.1)
      builder (>= 2.1.2)
    ruby-ole (1.2.11.7)
    rubyzip (0.9.9)
    sanitize (2.0.6)
      nokogiri (>= 1.4.4)
    sass (3.2.13)
    sass-rails (3.2.6)
      railties (~> 3.2.0)
      sass (>= 3.1.10)
      tilt (~> 1.3)
    settler (1.2.4)
      rails
    simple-rss (1.3.1)
    sortifiable (0.2.8)
      activerecord (>= 3.0)
      activesupport (>= 3.0)
    spreadsheet (0.9.6)
      ruby-ole (>= 1.0)
    sprockets (2.2.2)
      hike (~> 1.2)
      multi_json (~> 1.0)
      rack (~> 1.0)
      tilt (~> 1.1, != 1.3.0)
    thor (0.18.1)
    tidy_ffi (0.1.5)
      ffi (~> 1.2.0)
    tilt (1.4.1)
    treetop (1.4.15)
      polyglot
      polyglot (>= 0.3.1)
    truncate_html (0.5.5)
    turn (0.9.6)
      ansi
    tzinfo (0.3.38)
    uglifier (1.3.0)
      execjs (>= 0.3.0)
      multi_json (~> 1.0, >= 1.0.2)
    whenever (0.9.0)
      activesupport (>= 2.3.4)
      chronic (>= 0.6.3)

PLATFORMS
  ruby

DEPENDENCIES
  coffee-rails (~> 3.2.1)
  data_checker!
  debugger
  devcms_core!
  devcms_geo!
  geokit
  geokit-rails
  jakewendt-html_test (~> 0.2.3)
  mocha
  rsolr (~> 0.12.1)
  sass-rails (~> 3.2.3)
  turn
  uglifier (~> 1.3)
