GIT
  remote: git@git.nedforce.nl:data_checker.git
  revision: 8ad859bcbfaabf1ddaa332782f2715cb2fc8c54a
  branch: master
  specs:
    data_checker (0.0.2)
      nokogiri
      rails (~> 3.2)

GIT
  remote: git@github.com:nedforce/devcms-core.git
  revision: 1f5cbc079bfbdddbc047dfcb5acade05b9171d5a
  branch: master
  specs:
    devcms_core (2.0.9)
      acts-as-taggable-on (~> 2.4.0)
      addressable (~> 2.1)
      airbrake
      ancestry (~> 1.3.0)
      aspgems-foreign_key_migrations (~> 2.0.0.beta1)
      aspgems-redhillonrails_core (~> 2.0.0.beta1)
      bartt-ssl_requirement (~> 1.4.0)
      carrierwave
      coffee-rails (~> 3.0)
      coffee-script-source (~> 1.5.0)
      data_checker
      dsl_accessor (= 0.3.3)
      dynamic_attributes (~> 1.2.0)
      feed-normalizer (~> 1.5.2)
      geokit-rails
      haml (~> 4.0)
      jquery-ui-sass-rails (~> 4.0.3)
      kaminari
      libxml-ruby (~> 2.7.0)
      pg
      prototype-rails (~> 3.2.1)
      rack-rewrite (~> 1.2.1)
      rails (>= 3.2.3, < 4.0.0)
      rmagick (>= 2.13.1)
      roo (~> 1.10.1)
      rubyzip (= 0.9.9)
      sanitize
      sass-rails (~> 3.0)
      secure_headers
      settler (~> 1.2.3)
      sortifiable
      tidy_ffi (~> 0.1.4)
      truncate_html (~> 0.5.5)
      uglifier
      whenever (>= 0.4)

PATH
  remote: .
  specs:
    devcms_geo (2.0.9)
      devcms_core
      geokit (~> 1.6.7)
      geokit-rails

GEM
  remote: https://rubygems.org/
  remote: http://gems.github.com/
  specs:
    actionmailer (3.2.22)
      actionpack (= 3.2.22)
      mail (~> 2.5.4)
    actionpack (3.2.22)
      activemodel (= 3.2.22)
      activesupport (= 3.2.22)
      builder (~> 3.0.0)
      erubis (~> 2.7.0)
      journey (~> 1.0.4)
      rack (~> 1.4.5)
      rack-cache (~> 1.2)
      rack-test (~> 0.6.1)
      sprockets (~> 2.2.1)
    activemodel (3.2.22)
      activesupport (= 3.2.22)
      builder (~> 3.0.0)
    activerecord (3.2.22)
      activemodel (= 3.2.22)
      activesupport (= 3.2.22)
      arel (~> 3.0.2)
      tzinfo (~> 0.3.29)
    activeresource (3.2.22)
      activemodel (= 3.2.22)
      activesupport (= 3.2.22)
    activesupport (3.2.22)
      i18n (~> 0.6, >= 0.6.4)
      multi_json (~> 1.0)
    acts-as-taggable-on (2.4.1)
      rails (>= 3, < 5)
    acts_as_ferret (0.5.4)
      ferret (>= 0.11.8)
      rails (>= 3.0)
    addressable (2.3.8)
    airbrake (4.3.4)
      builder
      multi_json
    ancestry (1.3.0)
      activerecord (>= 2.3.14)
    ansi (1.5.0)
    arel (3.0.3)
    aspgems-foreign_key_migrations (2.0.0.beta2)
      aspgems-redhillonrails_core (~> 2.0.0.beta4)
    aspgems-redhillonrails_core (2.0.0.beta4)
      activerecord (>= 2)
      activesupport (>= 2)
    bartt-ssl_requirement (1.4.2)
    builder (3.0.4)
    byebug (8.2.1)
    carrierwave (0.10.0)
      activemodel (>= 3.2.0)
      activesupport (>= 3.2.0)
      json (>= 1.7)
      mime-types (>= 1.16)
    chronic (0.10.2)
    coffee-rails (3.2.2)
      coffee-script (>= 2.2.0)
      railties (~> 3.2.0)
    coffee-script (2.4.1)
      coffee-script-source
      execjs
    coffee-script-source (1.5.0)
    crass (1.0.2)
    dsl_accessor (0.3.3)
    dynamic_attributes (1.2.0)
    erubis (2.7.0)
    execjs (2.6.0)
    feed-normalizer (1.5.2)
      hpricot (>= 0.6)
      simple-rss (>= 1.1)
    ferret (0.11.8.6)
    ffi (1.9.10)
    geokit (1.6.7)
      multi_json (>= 1.3.2)
    geokit-rails (2.1.0)
      geokit (~> 1.5)
      rails (>= 3.0)
    haml (4.0.7)
      tilt
    hike (1.2.3)
    hpricot (0.8.6)
    i18n (0.7.0)
    jakewendt-html_test (0.2.3)
    journey (1.0.4)
    jquery-rails (3.1.4)
      railties (>= 3.0, < 5.0)
      thor (>= 0.14, < 2.0)
    jquery-ui-rails (4.0.3)
      jquery-rails
      railties (>= 3.1.0)
    jquery-ui-sass-rails (4.0.3.0)
      jquery-rails
      jquery-ui-rails (= 4.0.3)
      railties (>= 3.1.0)
    json (1.8.3)
    kaminari (0.16.3)
      actionpack (>= 3.0.0)
      activesupport (>= 3.0.0)
    libxml-ruby (2.7.0)
    mail (2.5.4)
      mime-types (~> 1.16)
      treetop (~> 1.4.8)
    metaclass (0.0.4)
    mime-types (1.25.1)
    mini_portile (0.6.2)
    minitest (4.7.5)
    mocha (1.1.0)
      metaclass (~> 0.0.1)
    multi_json (1.11.2)
    nokogiri (1.6.6.4)
      mini_portile (~> 0.6.0)
    nokogumbo (1.4.1)
      nokogiri
    pg (0.18.4)
    polyglot (0.3.5)
    prototype-rails (3.2.1)
      rails (~> 3.2)
    rack (1.4.7)
    rack-cache (1.5.1)
      rack (>= 0.4)
    rack-rewrite (1.2.1)
    rack-ssl (1.3.4)
      rack
    rack-test (0.6.3)
      rack (>= 1.0)
    rails (3.2.22)
      actionmailer (= 3.2.22)
      actionpack (= 3.2.22)
      activerecord (= 3.2.22)
      activeresource (= 3.2.22)
      activesupport (= 3.2.22)
      bundler (~> 1.0)
      railties (= 3.2.22)
    railties (3.2.22)
      actionpack (= 3.2.22)
      activesupport (= 3.2.22)
      rack-ssl (~> 1.3.2)
      rake (>= 0.8.7)
      rdoc (~> 3.4)
      thor (>= 0.14.6, < 2.0)
    rake (10.4.2)
    rdoc (3.12.2)
      json (~> 1.4)
    rmagick (2.15.4)
    roo (1.10.3)
      nokogiri (>= 1.5.6)
      rubyzip (>= 0.9.9)
      spreadsheet (> 0.6.4)
    rsolr (0.12.1)
      builder (>= 2.1.2)
    ruby-ole (1.2.11.8)
    rubyzip (0.9.9)
    sanitize (4.0.0)
      crass (~> 1.0.2)
      nokogiri (>= 1.4.4)
      nokogumbo (= 1.4.1)
    sass (3.4.19)
    sass-rails (3.2.6)
      railties (~> 3.2.0)
      sass (>= 3.1.10)
      tilt (~> 1.3)
    secure_headers (2.4.3)
      user_agent_parser
    settler (1.2.4)
      rails
    simple-rss (1.3.1)
    sortifiable (0.2.8)
      activerecord (>= 3.0)
      activesupport (>= 3.0)
    spreadsheet (1.0.9)
      ruby-ole (>= 1.0)
    sprockets (2.2.3)
      hike (~> 1.2)
      multi_json (~> 1.0)
      rack (~> 1.0)
      tilt (~> 1.1, != 1.3.0)
    thor (0.19.1)
    tidy_ffi (0.1.6)
      ffi (~> 1.2)
    tilt (1.4.1)
    treetop (1.4.15)
      polyglot
      polyglot (>= 0.3.1)
    truncate_html (0.5.5)
    turn (0.9.7)
      ansi
      minitest (~> 4)
    tzinfo (0.3.45)
    uglifier (2.7.2)
      execjs (>= 0.3.0)
      json (>= 1.8.0)
    user_agent_parser (2.3.0)
    whenever (0.9.4)
      chronic (>= 0.6.3)

PLATFORMS
  ruby

DEPENDENCIES
  acts_as_ferret (~> 0.5.4)
  byebug
  coffee-rails (~> 3.2.1)
  data_checker!
  devcms_core!
  devcms_geo!
  geokit
  geokit-rails
  jakewendt-html_test (~> 0.2.3)
  mocha
  rails (~> 3.2.19)
  rsolr (~> 0.12.1)
  sass-rails (~> 3.2.3)
  turn
